PATH
  remote: .
  specs:
    yarderize (1.0.2)
      helix_runtime (~> 0.5.0)

GEM
  remote: https://rubygems.org/
  specs:
    helix_runtime (0.5.0)
      rake (>= 10.0)
      thor (~> 0.19.4)
    rake (12.0.0)
    thor (0.19.4)

PLATFORMS
  ruby

DEPENDENCIES
  yarderize!

BUNDLED WITH
   1.14.6
